GEM
  remote: http://rubygems.org/
  remote: http://rubygems.org/
  specs:
    ajaxful_rating (2.2.8.2)
    babosa (0.2.2)
    friendly_id (3.1.0)
      babosa (>= 0.1.0)
    rack-rewrite (0.1.2)

PLATFORMS
  ruby

DEPENDENCIES
  ajaxful_rating (~> 2.2.8.2)
  friendly_id (= 3.1)
  rack-rewrite (= 0.1.2)
