GEM
  specs:
    ajaxful_rating (2.2.8.2)

PLATFORMS
  ruby

DEPENDENCIES
  ajaxful_rating (~> 2.2.8.2)
